GEM
  remote: http://rubygems.org/
  specs:
    backports (2.8.2)
    diff-lcs (1.1.3)
    eventmachine (1.0.0)
    faraday (0.8.5)
      multipart-post (~> 1.1)
    haml (3.1.7)
    httparty (0.8.3)
      multi_json (~> 1.0)
      multi_xml
    multi_json (1.5.0)
    multi_xml (0.5.3)
    multipart-post (1.1.5)
    nokogiri (1.5.6)
    rack (1.5.2)
    rack-protection (1.3.2)
      rack
    rack-test (0.6.2)
      rack (>= 1.0)
    redis (3.0.2)
    rspec (2.12.0)
      rspec-core (~> 2.12.0)
      rspec-expectations (~> 2.12.0)
      rspec-mocks (~> 2.12.0)
    rspec-core (2.12.2)
    rspec-expectations (2.12.1)
      diff-lcs (~> 1.1.3)
    rspec-mocks (2.12.2)
    sass (3.2.0)
    simple_oauth (0.2.0)
    sinatra (1.3.4)
      rack (~> 1.4)
      rack-protection (~> 1.3)
      tilt (~> 1.3, >= 1.3.3)
    sinatra-contrib (1.3.2)
      backports (>= 2.0)
      eventmachine
      rack-protection
      rack-test
      sinatra (~> 1.3.0)
      tilt (~> 1.3)
    tilt (1.3.3)
    twitter (4.5.0)
      faraday (~> 0.8, < 0.10)
      multi_json (~> 1.0)
      simple_oauth (~> 0.2)
    yajl-ruby (1.1.0)

PLATFORMS
  ruby

DEPENDENCIES
  haml (~> 3.1.6)
  httparty (~> 0.8.2)
  nokogiri (~> 1.5.5)
  redis (~> 3.0.2)
  rspec
  sass (= 3.2.0)
  sinatra (~> 1.3.2)
  sinatra-contrib (~> 1.3.1)
  twitter (~> 4.5.0)
  yajl-ruby (~> 1.1.0)
